PATH
  remote: .
  specs:
    rapuncel (0.0.6.RC3)
      activesupport (>= 3.0.0)
      curb
      nokogiri

GEM
  remote: http://www.rubygems.org/
  specs:
    activesupport (3.2.8)
      i18n (~> 0.6)
      multi_json (~> 1.0)
    addressable (2.3.2)
    crack (0.3.1)
    curb (0.8.1)
    diff-lcs (1.1.3)
    i18n (0.6.1)
    multi_json (1.3.6)
    nokogiri (1.5.5)
    rake (0.9.2)
    rspec (2.11.0)
      rspec-core (~> 2.11.0)
      rspec-expectations (~> 2.11.0)
      rspec-mocks (~> 2.11.0)
    rspec-core (2.11.1)
    rspec-expectations (2.11.3)
      diff-lcs (~> 1.1.3)
    rspec-mocks (2.11.2)
    webmock (1.8.10)
      addressable (>= 2.2.7)
      crack (>= 0.1.7)

PLATFORMS
  ruby

DEPENDENCIES
  rake
  rapuncel!
  rspec (~> 2.11.0)
  webmock
