PATH
  remote: .
  specs:
    rapuncel (0.0.4)
      activesupport (>= 3.0.0)
      nokogiri

GEM
  specs:
    activesupport (3.0.7)
    diff-lcs (1.1.2)
    nokogiri (1.4.4)
    rspec (2.6.0)
      rspec-core (~> 2.6.0)
      rspec-expectations (~> 2.6.0)
      rspec-mocks (~> 2.6.0)
    rspec-core (2.6.3)
    rspec-expectations (2.6.0)
      diff-lcs (~> 1.1.2)
    rspec-mocks (2.6.0)

PLATFORMS
  ruby

DEPENDENCIES
  rapuncel!
  rspec (>= 2.6.0)
