PATH
  remote: .
  specs:
    rapuncel (0.0.5.RC1)
      activesupport (>= 3.0.0)
      nokogiri

GEM
  remote: http://www.rubygems.org/
  specs:
    activesupport (3.0.9)
    diff-lcs (1.1.2)
    nokogiri (1.5.0)
    rake (0.9.2)
    rspec (2.6.0)
      rspec-core (~> 2.6.0)
      rspec-expectations (~> 2.6.0)
      rspec-mocks (~> 2.6.0)
    rspec-core (2.6.4)
    rspec-expectations (2.6.0)
      diff-lcs (~> 1.1.2)
    rspec-mocks (2.6.0)

PLATFORMS
  ruby

DEPENDENCIES
  rake
  rapuncel!
  rspec (>= 2.6.0)
